PATH
  remote: ..
  specs:
    primer_view_components (0.0.52)
      actionview (>= 5.0.0)
      activesupport (>= 5.0.0)
      octicons (~> 15)
      view_component (>= 2.0.0, < 3.0)

GEM
  remote: https://rubygems.org/
  specs:
    actionpack (6.1.1)
      actionview (= 6.1.1)
      activesupport (= 6.1.1)
      rack (~> 2.0, >= 2.0.9)
      rack-test (>= 0.6.3)
      rails-dom-testing (~> 2.0)
      rails-html-sanitizer (~> 1.0, >= 1.2.0)
    actionview (6.1.1)
      activesupport (= 6.1.1)
      builder (~> 3.1)
      erubi (~> 1.4)
      rails-dom-testing (~> 2.0)
      rails-html-sanitizer (~> 1.1, >= 1.2.0)
    activemodel (6.1.1)
      activesupport (= 6.1.1)
    activesupport (6.1.1)
      concurrent-ruby (~> 1.0, >= 1.0.2)
      i18n (>= 1.6, < 2)
      minitest (>= 5.1)
      tzinfo (~> 2.0)
      zeitwerk (~> 2.3)
    bootsnap (1.4.7)
      msgpack (~> 1.0)
    builder (3.2.4)
    concurrent-ruby (1.1.9)
    crass (1.0.6)
    erubi (1.10.0)
    ffi (1.15.3)
    i18n (1.8.10)
      concurrent-ruby (~> 1.0)
    listen (3.7.0)
      rb-fsevent (~> 0.10, >= 0.10.3)
      rb-inotify (~> 0.9, >= 0.9.10)
    loofah (2.11.0)
      crass (~> 1.0.2)
      nokogiri (>= 1.5.9)
    method_source (1.0.0)
    mini_portile2 (2.6.1)
    minitest (5.14.4)
    msgpack (1.3.3)
    nio4r (2.5.7)
    nokogiri (1.12.0)
      mini_portile2 (~> 2.6.1)
      racc (~> 1.4)
    nokogiri (1.12.0-x86_64-darwin)
      racc (~> 1.4)
    octicons (15.0.1)
    puma (5.3.1)
      nio4r (~> 2.0)
    racc (1.5.2)
    rack (2.2.3)
    rack-cors (1.1.1)
      rack (>= 2.0.0)
    rack-test (1.1.0)
      rack (>= 1.0, < 3)
    rails-dom-testing (2.0.3)
      activesupport (>= 4.2.0)
      nokogiri (>= 1.6)
    rails-html-sanitizer (1.3.0)
      loofah (~> 2.3)
    railties (6.1.1)
      actionpack (= 6.1.1)
      activesupport (= 6.1.1)
      method_source
      rake (>= 0.8.7)
      thor (~> 1.0)
    rake (12.3.3)
    rb-fsevent (0.11.0)
    rb-inotify (0.10.1)
      ffi (~> 1.0)
    spring (2.1.1)
    spring-watcher-listen (2.0.1)
      listen (>= 2.7, < 4.0)
      spring (>= 1.2, < 3.0)
    sprockets (4.0.2)
      concurrent-ruby (~> 1.0)
      rack (> 1, < 3)
    sprockets-rails (3.2.2)
      actionpack (>= 4.0)
      activesupport (>= 4.0)
      sprockets (>= 3.0.0)
    thor (1.1.0)
    tzinfo (2.0.4)
      concurrent-ruby (~> 1.0)
    view_component (2.36.0)
      activesupport (>= 5.0.0, < 8.0)
      method_source (~> 1.0)
    view_component_storybook (0.8.0)
      view_component (>= 2.2)
    zeitwerk (2.4.2)

PLATFORMS
  ruby
  x86_64-darwin-19

DEPENDENCIES
  actionview (= 6.1.1)
  activemodel (= 6.1.1)
  activesupport (= 6.1.1)
  bootsnap (>= 1.4.2)
  primer_view_components!
  puma (~> 5.3.1)
  rack-cors
  railties (= 6.1.1)
  rake (~> 12.0)
  spring
  spring-watcher-listen (~> 2.0.0)
  sprockets
  sprockets-rails
  view_component_storybook (~> 0.8.0)

BUNDLED WITH
   2.2.22
