PATH
  remote: ..
  specs:
    primer_view_components (0.34.0)
      actionview (>= 5.0.0)
      activesupport (>= 5.0.0)
      octicons (>= 18.0.0)
      view_component (>= 3.1, < 4.0)

GEM
  remote: https://rubygems.org/
  specs:
    actioncable (7.1.3.2)
      actionpack (= 7.1.3.2)
      activesupport (= 7.1.3.2)
      nio4r (~> 2.0)
      websocket-driver (>= 0.6.1)
      zeitwerk (~> 2.6)
    actionpack (7.1.3.2)
      actionview (= 7.1.3.2)
      activesupport (= 7.1.3.2)
      nokogiri (>= 1.8.5)
      racc
      rack (>= 2.2.4)
      rack-session (>= 1.0.1)
      rack-test (>= 0.6.3)
      rails-dom-testing (~> 2.2)
      rails-html-sanitizer (~> 1.6)
    actionview (7.1.3.2)
      activesupport (= 7.1.3.2)
      builder (~> 3.1)
      erubi (~> 1.11)
      rails-dom-testing (~> 2.2)
      rails-html-sanitizer (~> 1.6)
    activejob (7.1.3.2)
      activesupport (= 7.1.3.2)
      globalid (>= 0.3.6)
    activemodel (7.1.3.2)
      activesupport (= 7.1.3.2)
    activesupport (7.1.3.2)
      base64
      bigdecimal
      concurrent-ruby (~> 1.0, >= 1.0.2)
      connection_pool (>= 2.2.5)
      drb
      i18n (>= 1.6, < 2)
      minitest (>= 5.1)
      mutex_m
      tzinfo (~> 2.0)
    addressable (2.8.7)
      public_suffix (>= 2.0.2, < 7.0)
    azure_mgmt_container_service (0.22.0)
      ms_rest_azure (~> 0.12.0)
    base64 (0.2.0)
    bigdecimal (3.1.8)
    bootsnap (1.18.4)
      msgpack (~> 1.2)
    builder (3.3.0)
    byebug (11.1.3)
    coderay (1.1.3)
    colorize (0.8.1)
    concurrent-ruby (1.3.4)
    connection_pool (2.4.1)
    crass (1.0.6)
    css_parser (1.17.1)
      addressable
    cssbundling-rails (1.4.1)
      railties (>= 6.0.0)
    docker-remote (0.8.0)
    domain_name (0.6.20240107)
    drb (2.2.1)
    dry-cli (1.1.0)
    dry-inflector (0.3.0)
    ejson (1.4.1)
    erubi (1.13.0)
    faraday (1.10.3)
      faraday-em_http (~> 1.0)
      faraday-em_synchrony (~> 1.0)
      faraday-excon (~> 1.1)
      faraday-httpclient (~> 1.0)
      faraday-multipart (~> 1.0)
      faraday-net_http (~> 1.0)
      faraday-net_http_persistent (~> 1.0)
      faraday-patron (~> 1.0)
      faraday-rack (~> 1.0)
      faraday-retry (~> 1.0)
      ruby2_keywords (>= 0.0.4)
    faraday-cookie_jar (0.0.7)
      faraday (>= 0.8.0)
      http-cookie (~> 1.0.0)
    faraday-em_http (1.0.0)
    faraday-em_synchrony (1.0.0)
    faraday-excon (1.1.0)
    faraday-httpclient (1.0.1)
    faraday-multipart (1.0.4)
      multipart-post (~> 2)
    faraday-net_http (1.0.1)
    faraday-net_http_persistent (1.2.0)
    faraday-patron (1.0.0)
    faraday-rack (1.0.0)
    faraday-retry (1.0.3)
    ffi (1.16.3)
    ffi-compiler (1.3.2)
      ffi (>= 1.15.5)
      rake
    foreman (0.88.1)
    gli (2.21.1)
    globalid (1.2.1)
      activesupport (>= 6.1)
    google-cloud-env (2.1.1)
      faraday (>= 1.0, < 3.a)
    googleauth (1.11.0)
      faraday (>= 1.0, < 3.a)
      google-cloud-env (~> 2.1)
      jwt (>= 1.4, < 3.0)
      multi_json (~> 1.11)
      os (>= 0.9, < 2.0)
      signet (>= 0.16, < 2.a)
    helm-cli (0.3.0)
      helm-rb (~> 0.1)
    helm-rb (0.2.1-arm64-darwin)
    helm-rb (0.2.1-x86_64-darwin)
    helm-rb (0.2.1-x86_64-linux)
    hotwire-livereload (1.4.0)
      actioncable (>= 6.0.0)
      listen (>= 3.0.0)
      railties (>= 6.0.0)
    htmlbeautifier (1.4.3)
    htmlentities (4.3.4)
    http (5.2.0)
      addressable (~> 2.8)
      base64 (~> 0.1)
      http-cookie (~> 1.0)
      http-form_data (~> 2.2)
      llhttp-ffi (~> 0.5.0)
    http-accept (1.7.0)
    http-cookie (1.0.5)
      domain_name (~> 0.5)
    http-form_data (2.3.0)
    i18n (1.14.5)
      concurrent-ruby (~> 1.0)
    importmap-rails (2.0.1)
      actionpack (>= 6.0.0)
      activesupport (>= 6.0.0)
      railties (>= 6.0.0)
    io-console (0.7.2)
    irb (1.14.0)
      rdoc (>= 4.0.0)
      reline (>= 0.4.2)
    jsonpath (1.1.5)
      multi_json
    jwt (2.8.1)
      base64
    kind-rb (0.1.0-arm64-darwin)
    kind-rb (0.1.0-x86_64-darwin)
    kind-rb (0.1.0-x86_64-linux)
    krane (2.4.9)
      activesupport (>= 5.0)
      colorize (~> 0.8)
      concurrent-ruby (~> 1.1)
      ejson (~> 1.0)
      googleauth (~> 1.2)
      jsonpath (~> 1.0)
      kubeclient (~> 4.9)
      oj (~> 3.0)
      statsd-instrument (>= 2.8, < 4)
      thor (>= 1.0, < 2.0)
    kube-dsl (0.7.5)
      dry-inflector (~> 0.2)
    kubeclient (4.11.0)
      http (>= 3.0, < 6.0)
      jsonpath (~> 1.0)
      recursive-open-struct (~> 1.1, >= 1.1.1)
      rest-client (~> 2.0)
    kubectl-rb (0.2.1-arm64-darwin)
    kubectl-rb (0.2.1-x86_64-darwin)
    kubectl-rb (0.2.1-x86_64-linux)
    kubernetes-cli (0.5.0)
      kubectl-rb (~> 0.2)
    kuby-azure (0.4.0)
      azure_mgmt_container_service (~> 0.20)
      kube-dsl (~> 0.1)
    kuby-cert-manager (0.4.0)
      kube-dsl (~> 0.1)
    kuby-core (0.20.1)
      colorize (~> 0.8)
      docker-remote (~> 0.8)
      gli (~> 2.21)
      helm-cli (~> 0.3)
      krane (~> 2.0)
      kube-dsl (~> 0.7)
      kubernetes-cli (~> 0.4)
      kuby-cert-manager (~> 0.4)
      kuby-crdb (~> 0.2)
      railties (>= 5.1)
      rake
      rouge (~> 3.0)
    kuby-crdb (0.3.0)
      kube-dsl (~> 0.7)
    kuby-kind (0.2.3)
      kind-rb (~> 0.1)
      kuby-core (>= 0.16.0, < 1.0)
    listen (3.9.0)
      rb-fsevent (~> 0.10, >= 0.10.3)
      rb-inotify (~> 0.9, >= 0.9.10)
    llhttp-ffi (0.5.0)
      ffi-compiler (~> 1.0)
      rake (~> 13.0)
    loofah (2.22.0)
      crass (~> 1.0.2)
      nokogiri (>= 1.12.0)
    lookbook (2.3.2)
      activemodel
      css_parser
      htmlbeautifier (~> 1.3)
      htmlentities (~> 4.3.4)
      marcel (~> 1.0)
      railties (>= 5.0)
      redcarpet (~> 3.5)
      rouge (>= 3.26, < 5.0)
      view_component (>= 2.0)
      yard (~> 0.9)
      zeitwerk (~> 2.5)
    marcel (1.0.4)
    method_source (1.1.0)
    mime-types (3.5.2)
      mime-types-data (~> 3.2015)
    mime-types-data (3.2024.0507)
    minitest (5.25.1)
    ms_rest (0.7.6)
      concurrent-ruby (~> 1.0)
      faraday (>= 0.9, < 2.0.0)
      timeliness (~> 0.3.10)
    ms_rest_azure (0.12.0)
      concurrent-ruby (~> 1.0)
      faraday (>= 0.9, < 2.0.0)
      faraday-cookie_jar (~> 0.0.6)
      ms_rest (~> 0.7.6)
    msgpack (1.7.2)
    multi_json (1.15.0)
    multipart-post (2.4.1)
    mutex_m (0.2.0)
    netrc (0.11.0)
    nio4r (2.7.3)
    nokogiri (1.16.7-arm64-darwin)
      racc (~> 1.4)
    nokogiri (1.16.7-x86_64-darwin)
      racc (~> 1.4)
    nokogiri (1.16.7-x86_64-linux)
      racc (~> 1.4)
    octicons (19.11.0)
    oj (3.16.3)
      bigdecimal (>= 3.0)
    os (1.1.4)
    pry (0.14.2)
      coderay (~> 1.1)
      method_source (~> 1.0)
    pry-byebug (3.10.1)
      byebug (~> 11.0)
      pry (>= 0.13, < 0.15)
    psych (5.1.2)
      stringio
    public_suffix (6.0.0)
    puma (6.4.2)
      nio4r (~> 2.0)
    racc (1.8.1)
    rack (3.1.7)
    rack-cors (2.0.2)
      rack (>= 2.0.0)
    rack-proxy (0.7.7)
      rack
    rack-session (2.0.0)
      rack (>= 3.0.0)
    rack-test (2.1.0)
      rack (>= 1.3)
    rackup (2.1.0)
      rack (>= 3)
      webrick (~> 1.8)
    rails-dom-testing (2.2.0)
      activesupport (>= 5.0.0)
      minitest
      nokogiri (>= 1.6)
    rails-html-sanitizer (1.6.0)
      loofah (~> 2.21)
      nokogiri (~> 1.14)
    railties (7.1.3.2)
      actionpack (= 7.1.3.2)
      activesupport (= 7.1.3.2)
      irb
      rackup (>= 1.0.0)
      rake (>= 12.2)
      thor (~> 1.0, >= 1.2.2)
      zeitwerk (~> 2.6)
    rake (13.2.1)
    rb-fsevent (0.11.2)
    rb-inotify (0.10.1)
      ffi (~> 1.0)
    rdoc (6.7.0)
      psych (>= 4.0.0)
    recursive-open-struct (1.1.3)
    redcarpet (3.6.0)
    reline (0.5.10)
      io-console (~> 0.5)
    rest-client (2.1.0)
      http-accept (>= 1.7.0, < 2.0)
      http-cookie (>= 1.0.2, < 2.0)
      mime-types (>= 1.16, < 4.0)
      netrc (~> 0.8)
    rouge (3.30.0)
    ruby2_keywords (0.0.5)
    signet (0.19.0)
      addressable (~> 2.8)
      faraday (>= 0.17.5, < 3.a)
      jwt (>= 1.5, < 3.0)
      multi_json (~> 1.10)
    spring (4.2.1)
    spring-watcher-listen (2.1.0)
      listen (>= 2.7, < 4.0)
      spring (>= 4)
    sprockets (4.2.1)
      concurrent-ruby (~> 1.0)
      rack (>= 2.2.4, < 4)
    sprockets-rails (3.5.2)
      actionpack (>= 6.1)
      activesupport (>= 6.1)
      sprockets (>= 3.0.0)
    statsd-instrument (3.7.0)
    stimulus-rails (1.3.4)
      railties (>= 6.0.0)
    stringio (3.1.1)
    thor (1.3.2)
    timeliness (0.3.10)
    turbo-rails (2.0.6)
      actionpack (>= 6.0.0)
      activejob (>= 6.0.0)
      railties (>= 6.0.0)
    tzinfo (2.0.6)
      concurrent-ruby (~> 1.0)
    view_component (3.13.0)
      activesupport (>= 5.2.0, < 8.0)
      concurrent-ruby (~> 1.0)
      method_source (~> 1.0)
    vite_rails (3.0.17)
      railties (>= 5.1, < 8)
      vite_ruby (~> 3.0, >= 3.2.2)
    vite_ruby (3.8.2)
      dry-cli (>= 0.7, < 2)
      rack-proxy (~> 0.6, >= 0.6.1)
      zeitwerk (~> 2.2)
    webrick (1.8.1)
    websocket-driver (0.7.6)
      websocket-extensions (>= 0.1.0)
    websocket-extensions (0.1.5)
    yard (0.9.36)
    zeitwerk (2.6.18)

PLATFORMS
  arm64-darwin-21
  arm64-darwin-23
  x86_64-darwin-19
  x86_64-darwin-20
  x86_64-darwin-21
  x86_64-darwin-22
  x86_64-linux

DEPENDENCIES
  actioncable (= 7.1.3.2)
  actionview (= 7.1.3.2)
  activemodel (= 7.1.3.2)
  activesupport (= 7.1.3.2)
  bootsnap (>= 1.4.2)
  cssbundling-rails (~> 1.4)
  foreman
  hotwire-livereload (~> 1.4)
  importmap-rails
  kind-rb (~> 0.1)
  kuby-azure (~> 0.4.0)
  kuby-core (~> 0.20)
  kuby-kind (~> 0.2)
  listen
  lookbook (~> 2.3.2)
  primer_view_components!
  pry-byebug
  puma (~> 6.4.2)
  rack-cors
  railties (= 7.1.3.2)
  rake (~> 13.2)
  spring (~> 4.2)
  spring-watcher-listen (~> 2.1)
  sprockets
  sprockets-rails
  stimulus-rails
  turbo-rails
  view_component (>= 3.11.0)
  vite_rails (~> 3.0)

BUNDLED WITH
   2.5.5
