GIT
  remote: https://github.com/getkuby/kuby-core.git
  revision: 708f2181977ad9c75eb83ca26505402d316975ef
  ref: 708f2181977ad9c75eb83ca26505402d316975ef
  specs:
    kuby-core (0.17.0)
      colorize (~> 0.8)
      docker-remote (~> 0.6)
      gli (~> 2.0)
      helm-cli (~> 0.3)
      krane (>= 1.1.4, < 2.0)
      kube-dsl (~> 0.4)
      kubernetes-cli (~> 0.3)
      kuby-cert-manager (>= 0.3)
      kuby-kube-db (>= 0.6)
      railties (>= 5.1)
      rouge (~> 3.0)
      sorbet-runtime-stub (~> 0.2)

PATH
  remote: ..
  specs:
    primer_view_components (0.0.70)
      actionview (>= 5.0.0)
      activesupport (>= 5.0.0)
      octicons (>= 17.0.0)
      view_component (>= 2.0.0, < 3.0)

GEM
  remote: https://rubygems.org/
  specs:
    actionpack (6.1.1)
      actionview (= 6.1.1)
      activesupport (= 6.1.1)
      rack (~> 2.0, >= 2.0.9)
      rack-test (>= 0.6.3)
      rails-dom-testing (~> 2.0)
      rails-html-sanitizer (~> 1.0, >= 1.2.0)
    actionview (6.1.1)
      activesupport (= 6.1.1)
      builder (~> 3.1)
      erubi (~> 1.4)
      rails-dom-testing (~> 2.0)
      rails-html-sanitizer (~> 1.1, >= 1.2.0)
    activemodel (6.1.1)
      activesupport (= 6.1.1)
    activesupport (6.1.1)
      concurrent-ruby (~> 1.0, >= 1.0.2)
      i18n (>= 1.6, < 2)
      minitest (>= 5.1)
      tzinfo (~> 2.0)
      zeitwerk (~> 2.3)
    addressable (2.8.0)
      public_suffix (>= 2.0.2, < 5.0)
    azure_mgmt_container_service (0.22.0)
      ms_rest_azure (~> 0.12.0)
    bootsnap (1.9.3)
      msgpack (~> 1.0)
    builder (3.2.4)
    byebug (11.1.3)
    coderay (1.1.3)
    colorize (0.8.1)
    concurrent-ruby (1.1.9)
    crass (1.0.6)
    docker-remote (0.7.0)
    domain_name (0.5.20190701)
      unf (>= 0.0.5, < 1.0.0)
    dry-inflector (0.2.1)
    ejson (1.3.1)
    erubi (1.10.0)
    faraday (1.9.3)
      faraday-em_http (~> 1.0)
      faraday-em_synchrony (~> 1.0)
      faraday-excon (~> 1.1)
      faraday-httpclient (~> 1.0)
      faraday-multipart (~> 1.0)
      faraday-net_http (~> 1.0)
      faraday-net_http_persistent (~> 1.0)
      faraday-patron (~> 1.0)
      faraday-rack (~> 1.0)
      faraday-retry (~> 1.0)
      ruby2_keywords (>= 0.0.4)
    faraday-cookie_jar (0.0.7)
      faraday (>= 0.8.0)
      http-cookie (~> 1.0.0)
    faraday-em_http (1.0.0)
    faraday-em_synchrony (1.0.0)
    faraday-excon (1.1.0)
    faraday-httpclient (1.0.1)
    faraday-multipart (1.0.3)
      multipart-post (>= 1.2, < 3)
    faraday-net_http (1.0.1)
    faraday-net_http_persistent (1.2.0)
    faraday-patron (1.0.0)
    faraday-rack (1.0.0)
    faraday-retry (1.0.3)
    ffi (1.15.3)
    ffi-compiler (1.0.1)
      ffi (>= 1.0.0)
      rake
    gli (2.21.0)
    googleauth (0.17.1)
      faraday (>= 0.17.3, < 2.0)
      jwt (>= 1.4, < 3.0)
      memoist (~> 0.16)
      multi_json (~> 1.11)
      os (>= 0.9, < 2.0)
      signet (~> 0.15)
    helm-cli (0.3.0)
      helm-rb (~> 0.1)
    helm-rb (0.2.1-aarch64-linux)
    helm-rb (0.2.1-arm-linux)
    helm-rb (0.2.1-arm64-darwin)
    helm-rb (0.2.1-arm64-linux)
    helm-rb (0.2.1-ppc64le-linux)
    helm-rb (0.2.1-s390x-linux)
    helm-rb (0.2.1-x86-linux)
    helm-rb (0.2.1-x86_64-darwin)
    helm-rb (0.2.1-x86_64-linux)
    http (4.4.1)
      addressable (~> 2.3)
      http-cookie (~> 1.0)
      http-form_data (~> 2.2)
      http-parser (~> 1.2.0)
    http-accept (1.7.0)
    http-cookie (1.0.4)
      domain_name (~> 0.5)
    http-form_data (2.3.0)
    http-parser (1.2.3)
      ffi-compiler (>= 1.0, < 2.0)
    i18n (1.8.10)
      concurrent-ruby (~> 1.0)
    jsonpath (0.9.9)
      multi_json
      to_regexp (~> 0.2.1)
    jwt (2.3.0)
    kind-rb (0.1.0-aarch64-linux)
    kind-rb (0.1.0-arm64-darwin)
    kind-rb (0.1.0-ppc64le-linux)
    kind-rb (0.1.0-x86_64-darwin)
    kind-rb (0.1.0-x86_64-linux)
    krane (1.1.4)
      activesupport (>= 5.0)
      colorize (~> 0.8)
      concurrent-ruby (~> 1.1)
      ejson (~> 1.0)
      googleauth (~> 0.8)
      jsonpath (~> 0.9.6)
      kubeclient (~> 4.3)
      oj (~> 3.0)
      statsd-instrument (>= 2.8, < 3.1)
      thor (>= 1.0, < 2.0)
    kube-dsl (0.6.1)
      dry-inflector (~> 0.2)
    kubeclient (4.7.0)
      http (>= 3.0, < 5.0)
      recursive-open-struct (~> 1.1, >= 1.1.1)
      rest-client (~> 2.0)
    kubectl-rb (0.2.1-aarch64-linux)
    kubectl-rb (0.2.1-arm-linux)
    kubectl-rb (0.2.1-arm64-darwin)
    kubectl-rb (0.2.1-arm64-linux)
    kubectl-rb (0.2.1-ppc64le-linux)
    kubectl-rb (0.2.1-s390x-linux)
    kubectl-rb (0.2.1-x86-linux)
    kubectl-rb (0.2.1-x86_64-darwin)
    kubectl-rb (0.2.1-x86_64-linux)
    kubernetes-cli (0.3.2)
      kubectl-rb (~> 0.1)
    kuby-azure (0.3.3)
      azure_mgmt_container_service (~> 0.20)
      kube-dsl (~> 0.1)
    kuby-cert-manager (0.3.0)
      helm-cli (~> 0.1)
      kube-dsl (~> 0.1)
    kuby-kind (0.1.0)
      kind-rb (~> 0.1)
      kuby-core (>= 0.16.0, < 1.0)
    kuby-kube-db (0.7.1)
      helm-cli (~> 0.3)
      helm-rb (~> 0.2)
      kube-dsl (>= 0.6.1, < 1.0)
    listen (3.7.0)
      rb-fsevent (~> 0.10, >= 0.10.3)
      rb-inotify (~> 0.9, >= 0.9.10)
    loofah (2.11.0)
      crass (~> 1.0.2)
      nokogiri (>= 1.5.9)
    memoist (0.16.2)
    method_source (1.0.0)
    mime-types (3.4.1)
      mime-types-data (~> 3.2015)
    mime-types-data (3.2022.0105)
    mini_portile2 (2.8.0)
    minitest (5.14.4)
    ms_rest (0.7.6)
      concurrent-ruby (~> 1.0)
      faraday (>= 0.9, < 2.0.0)
      timeliness (~> 0.3.10)
    ms_rest_azure (0.12.0)
      concurrent-ruby (~> 1.0)
      faraday (>= 0.9, < 2.0.0)
      faraday-cookie_jar (~> 0.0.6)
      ms_rest (~> 0.7.6)
    msgpack (1.4.2)
    multi_json (1.15.0)
    multipart-post (2.1.1)
    netrc (0.11.0)
    nio4r (2.5.8)
    nokogiri (1.13.3)
      mini_portile2 (~> 2.8.0)
      racc (~> 1.4)
    nokogiri (1.13.3-x86_64-darwin)
      racc (~> 1.4)
    octicons (17.0.0)
    oj (3.13.11)
    os (1.1.4)
    pry (0.13.1)
      coderay (~> 1.1)
      method_source (~> 1.0)
    pry-byebug (3.9.0)
      byebug (~> 11.0)
      pry (~> 0.13.0)
    public_suffix (4.0.6)
    puma (5.6.2)
      nio4r (~> 2.0)
    racc (1.6.0)
    rack (2.2.3)
    rack-cors (1.1.1)
      rack (>= 2.0.0)
    rack-test (1.1.0)
      rack (>= 1.0, < 3)
    rails-dom-testing (2.0.3)
      activesupport (>= 4.2.0)
      nokogiri (>= 1.6)
    rails-html-sanitizer (1.3.0)
      loofah (~> 2.3)
    railties (6.1.1)
      actionpack (= 6.1.1)
      activesupport (= 6.1.1)
      method_source
      rake (>= 0.8.7)
      thor (~> 1.0)
    rake (13.0.6)
    rb-fsevent (0.11.0)
    rb-inotify (0.10.1)
      ffi (~> 1.0)
    recursive-open-struct (1.1.3)
    rest-client (2.1.0)
      http-accept (>= 1.7.0, < 2.0)
      http-cookie (>= 1.0.2, < 2.0)
      mime-types (>= 1.16, < 4.0)
      netrc (~> 0.8)
    rouge (3.28.0)
    ruby2_keywords (0.0.5)
    signet (0.16.0)
      addressable (~> 2.8)
      faraday (>= 0.17.3, < 2.0)
      jwt (>= 1.5, < 3.0)
      multi_json (~> 1.10)
    sorbet-runtime-stub (0.2.0)
    spring (2.1.1)
    spring-watcher-listen (2.0.1)
      listen (>= 2.7, < 4.0)
      spring (>= 1.2, < 3.0)
    sprockets (4.0.2)
      concurrent-ruby (~> 1.0)
      rack (> 1, < 3)
    sprockets-rails (3.2.2)
      actionpack (>= 4.0)
      activesupport (>= 4.0)
      sprockets (>= 3.0.0)
    statsd-instrument (3.0.2)
    thor (1.1.0)
    timeliness (0.3.10)
    to_regexp (0.2.1)
    tzinfo (2.0.4)
      concurrent-ruby (~> 1.0)
    unf (0.1.4)
      unf_ext
    unf_ext (0.0.8)
    view_component (2.49.1)
      activesupport (>= 5.0.0, < 8.0)
      method_source (~> 1.0)
    view_component_storybook (0.8.0)
      view_component (>= 2.2)
    zeitwerk (2.5.1)

PLATFORMS
  ruby
  x86_64-darwin-19

DEPENDENCIES
  actionview (= 6.1.1)
  activemodel (= 6.1.1)
  activesupport (= 6.1.1)
  bootsnap (>= 1.4.2)
  kuby-azure (>= 0.3.3, < 1.0)
  kuby-core!
  kuby-kind (~> 0.1)
  primer_view_components!
  pry-byebug
  puma (~> 5.6.2)
  rack-cors
  railties (= 6.1.1)
  rake (~> 13.0)
  spring
  spring-watcher-listen (~> 2.0.0)
  sprockets
  sprockets-rails
  view_component_storybook (~> 0.8.0)

BUNDLED WITH
   2.2.33
